GEM
  remote: https://rubygems.org/
  specs:
    backports (3.0.3)
    builder (3.2.0)
    daemons (1.1.9)
    eventmachine (1.0.0)
    eventmachine (1.0.0-java)
    haml (3.1.7)
    json (1.8.0)
    json (1.8.0-java)
    nokogiri (1.5.9)
    nokogiri (1.5.9-java)
    rack (1.4.1)
    rack-protection (1.2.0)
      rack
    rack-test (0.6.2)
      rack (>= 1.0)
    rsolr (1.0.9)
      builder (>= 2.1.2)
    rsolr-ext (1.0.3)
      rsolr (>= 1.0.2)
    sinatra (1.3.3)
      rack (~> 1.3, >= 1.3.6)
      rack-protection (~> 1.2)
      tilt (~> 1.3, >= 1.3.3)
    sinatra-contrib (1.3.2)
      backports (>= 2.0)
      eventmachine
      rack-protection
      rack-test
      sinatra (~> 1.3.0)
      tilt (~> 1.3)
    sinatra-flash (0.3.0)
      sinatra (>= 1.0.0)
    thin (1.5.1)
      daemons (>= 1.0.9)
      eventmachine (>= 0.12.6)
      rack (>= 1.0.0)
    tilt (1.3.3)

PLATFORMS
  java
  ruby

DEPENDENCIES
  haml
  json
  nokogiri
  rsolr-ext
  sinatra
  sinatra-contrib
  sinatra-flash
  thin
