GEM
  remote: https://rubygems.org/
  specs:
    backports (3.0.3)
    builder (3.1.4)
    eventmachine (1.0.0)
    eventmachine (1.0.0-java)
    haml (3.1.7)
    jruby-rack (1.1.13.1)
    rack (1.4.1)
    rack-protection (1.2.0)
      rack
    rack-test (0.6.2)
      rack (>= 1.0)
    rsolr (1.0.8)
      builder (>= 2.1.2)
    sinatra (1.3.3)
      rack (~> 1.3, >= 1.3.6)
      rack-protection (~> 1.2)
      tilt (~> 1.3, >= 1.3.3)
    sinatra-contrib (1.3.2)
      backports (>= 2.0)
      eventmachine
      rack-protection
      rack-test
      sinatra (~> 1.3.0)
      tilt (~> 1.3)
    tilt (1.3.3)
    trinidad (1.4.4)
      jruby-rack (>= 1.1.10)
      trinidad_jars (>= 1.1.0)
    trinidad_jars (1.2.2)

PLATFORMS
  java
  ruby

DEPENDENCIES
  haml
  rsolr
  sinatra
  sinatra-contrib
  trinidad
