GEM
  remote: https://rubygems.org/
  specs:
    backports (3.0.3)
    builder (3.1.4)
    eventmachine (1.0.0)
    eventmachine (1.0.0-java)
    ffi (1.8.1)
    ffi (1.8.1-java)
    haml (3.1.7)
    jruby-rack (1.1.13.1)
    listen (1.0.2)
      rb-fsevent (>= 0.9.3)
      rb-inotify (>= 0.9)
      rb-kqueue (>= 0.2)
    rack (1.4.1)
    rack-protection (1.2.0)
      rack
    rack-test (0.6.2)
      rack (>= 1.0)
    rb-fsevent (0.9.3)
    rb-inotify (0.9.0)
      ffi (>= 0.5.0)
    rb-kqueue (0.2.0)
      ffi (>= 0.5.0)
    rerun (0.8.0)
      listen
    rsolr (1.0.8)
      builder (>= 2.1.2)
    sinatra (1.3.3)
      rack (~> 1.3, >= 1.3.6)
      rack-protection (~> 1.2)
      tilt (~> 1.3, >= 1.3.3)
    sinatra-contrib (1.3.2)
      backports (>= 2.0)
      eventmachine
      rack-protection
      rack-test
      sinatra (~> 1.3.0)
      tilt (~> 1.3)
    sinatra-flash (0.3.0)
      sinatra (>= 1.0.0)
    tilt (1.3.3)
    trinidad (1.4.4)
      jruby-rack (>= 1.1.10)
      trinidad_jars (>= 1.1.0)
    trinidad_jars (1.2.2)

PLATFORMS
  java
  ruby

DEPENDENCIES
  haml
  rerun
  rsolr
  sinatra
  sinatra-contrib
  sinatra-flash
  trinidad
